GEM
  remote: https://rubygems.org/
  specs:
    net-ping (1.7.8)

PLATFORMS
  ruby

DEPENDENCIES
  net-ping

BUNDLED WITH
   1.10.3
