GEM
  remote: https://rubygems.org/
  specs:
    net-ping (1.7.8)
    pg (0.18.1)

PLATFORMS
  ruby

DEPENDENCIES
  net-ping
  pg

BUNDLED WITH
   1.10.5
